GIT
  remote: git://github.com/myronmarston/typhoeus.git
  revision: 90fad2aa7e4bce1e730e6e4653c263ad4a1c373e
  branch: vcr_changes
  specs:
    typhoeus (0.1.31)

PATH
  remote: .
  specs:
    vcr (1.2.0)

GEM
  remote: http://rubygems.org/
  specs:
    addressable (2.2.2)
    archive-tar-minitar (0.5.2)
    aruba (0.2.1)
    bouncy-castle-java (1.5.0145.2)
    builder (2.1.2)
    columnize (0.3.1)
    configuration (1.1.0)
    crack (0.1.8)
    cucumber (0.8.5)
      builder (~> 2.1.2)
      diff-lcs (~> 1.1.2)
      gherkin (~> 2.1.4)
      json_pure (~> 1.4.3)
      term-ansicolor (~> 1.0.4)
    curb (0.7.8)
    diff-lcs (1.1.2)
    em-http-request (0.2.12)
      addressable (>= 2.0.0)
      eventmachine (>= 0.12.9)
    eventmachine (0.12.10)
    fakeweb (1.3.0)
    gherkin (2.1.5)
      trollop (~> 1.16.2)
    gherkin (2.1.5-java)
      trollop (~> 1.16.2)
    guard (0.2.2)
      open_gem (~> 1.4.2)
      thor (~> 0.14.3)
    guard-rspec (0.1.5)
      guard (>= 0.2.0)
    httpclient (2.1.5.2)
    jruby-openssl (0.7.2)
      bouncy-castle-java
    json_pure (1.4.6)
    launchy (0.3.7)
      configuration (>= 0.0.5)
      rake (>= 0.8.1)
    linecache (0.43)
    linecache19 (0.5.11)
      ruby_core_source (>= 0.1.4)
    open_gem (1.4.2)
      launchy (~> 0.3.5)
    patron (0.4.9)
    rack (1.1.0)
    rake (0.8.7)
    rb-fsevent (0.3.6)
    rcov (0.9.9)
    rspec (2.1.0)
      rspec-core (~> 2.1.0)
      rspec-expectations (~> 2.1.0)
      rspec-mocks (~> 2.1.0)
    rspec-core (2.1.0)
    rspec-expectations (2.1.0)
      diff-lcs (~> 1.1.2)
    rspec-mocks (2.1.0)
    ruby-debug (0.10.3)
      columnize (>= 0.1)
      ruby-debug-base (~> 0.10.3.0)
    ruby-debug-base (0.10.3)
      linecache (>= 0.3)
    ruby-debug-base19 (0.11.23)
      columnize (>= 0.3.1)
      linecache19 (>= 0.5.11)
      ruby_core_source (>= 0.1.4)
    ruby-debug19 (0.11.6)
      columnize (>= 0.3.1)
      linecache19 (>= 0.5.11)
      ruby-debug-base19 (>= 0.11.19)
    ruby_core_source (0.1.4)
      archive-tar-minitar (>= 0.5.2)
    term-ansicolor (1.0.5)
    thor (0.14.4)
    timecop (0.3.5)
    trollop (1.16.2)
    webmock (1.5.0)
      addressable (>= 2.2.2)
      crack (>= 0.1.7)

PLATFORMS
  java
  ruby

DEPENDENCIES
  aruba (~> 0.2.1)
  bundler (~> 1.0.0)
  cucumber (~> 0.8.5)
  curb (~> 0.7.8)
  em-http-request (~> 0.2.7)
  fakeweb (~> 1.3.0)
  guard-rspec
  httpclient (~> 2.1.5.2)
  jruby-openssl
  patron (~> 0.4.6)
  rack (= 1.1.0)
  rake (~> 0.8.7)
  rb-fsevent
  rcov
  rspec (~> 2.1.0)
  ruby-debug
  ruby-debug-base19 (= 0.11.23)
  ruby-debug19
  timecop (~> 0.3.5)
  typhoeus!
  vcr!
  webmock (>= 1.5.0)
