GIT
  remote: git://github.com/rspec/rspec-core.git
  revision: 6258abe
  specs:
    rspec-core (2.0.0.beta.20)

PATH
  remote: .
  specs:
    vcr (1.1.0)

GEM
  remote: http://rubygems.org/
  specs:
    addressable (2.2.0)
    archive-tar-minitar (0.5.2)
    builder (2.1.2)
    capybara (0.3.9)
      culerity (>= 0.2.4)
      mime-types (>= 1.16)
      nokogiri (>= 1.3.3)
      rack (>= 1.0.0)
      rack-test (>= 0.5.4)
      selenium-webdriver (>= 0.0.3)
    columnize (0.3.1)
    crack (0.1.8)
    cucumber (0.8.5)
      builder (~> 2.1.2)
      diff-lcs (~> 1.1.2)
      gherkin (~> 2.1.4)
      json_pure (~> 1.4.3)
      term-ansicolor (~> 1.0.4)
    culerity (0.2.12)
    diff-lcs (1.1.2)
    em-http-request (0.2.11)
      addressable (>= 2.0.0)
      eventmachine (>= 0.12.9)
    eventmachine (0.12.10)
    eventmachine (0.12.10-java)
    fakeweb (1.3.0)
    ffi (0.6.3)
      rake (>= 0.8.7)
    ffi (0.6.3-java)
    gherkin (2.1.5)
      trollop (~> 1.16.2)
    gherkin (2.1.5-java)
      trollop (~> 1.16.2)
    httpclient (2.1.5.2)
    json_pure (1.4.6)
    linecache (0.43)
    linecache19 (0.5.11)
      ruby_core_source (>= 0.1.4)
    mime-types (1.16)
    nokogiri (1.4.3.1)
    nokogiri (1.4.3.1-java)
      weakling (>= 0.0.3)
    patron (0.4.6)
    rack (1.2.0)
    rack-test (0.5.4)
      rack (>= 1.0)
    rake (0.8.7)
    rcov (0.9.8)
    rcov (0.9.8-java)
    rspec (2.0.0.beta.20)
      rspec-core (= 2.0.0.beta.20)
      rspec-expectations (= 2.0.0.beta.20)
      rspec-mocks (= 2.0.0.beta.20)
    rspec-expectations (2.0.0.beta.20)
      diff-lcs (>= 1.1.2)
    rspec-mocks (2.0.0.beta.20)
    ruby-debug (0.10.3)
      columnize (>= 0.1)
      ruby-debug-base (~> 0.10.3.0)
    ruby-debug-base (0.10.3)
      linecache (>= 0.3)
    ruby-debug-base19 (0.11.23)
      columnize (>= 0.3.1)
      linecache19 (>= 0.5.11)
      ruby_core_source (>= 0.1.4)
    ruby-debug19 (0.11.6)
      columnize (>= 0.3.1)
      linecache19 (>= 0.5.11)
      ruby-debug-base19 (>= 0.11.19)
    ruby_core_source (0.1.4)
      archive-tar-minitar (>= 0.5.2)
    rubyzip (0.9.4)
    selenium-webdriver (0.0.28)
      ffi (>= 0.6.1)
      json_pure
      rubyzip
    term-ansicolor (1.0.5)
    trollop (1.16.2)
    weakling (0.0.4-java)
    webmock (1.3.3)
      addressable (>= 2.1.1)
      crack (>= 0.1.7)

PLATFORMS
  java
  ruby

DEPENDENCIES
  bundler (~> 1.0.0.rc6)
  capybara (~> 0.3.9)
  cucumber (~> 0.8.5)
  em-http-request (~> 0.2.7)
  fakeweb (~> 1.3.0)
  httpclient (~> 2.1.5.2)
  patron (~> 0.4.6)
  rack (= 1.2.0)
  rake (~> 0.8.7)
  rcov
  rspec (~> 2.0.0.beta.20)
  rspec-core!
  ruby-debug
  ruby-debug-base19 (= 0.11.23)
  ruby-debug19
  vcr!
  webmock (= 1.3.3)
