GIT
  remote: git://github.com/myronmarston/rspec-mocks.git
  revision: ca6a7ce31a79d0368972285fa6512a41a85c294c
  branch: fix_yaml_serialization
  specs:
    rspec-mocks (2.0.0.beta.22)
      rspec-core (= 2.0.0.beta.22)
      rspec-expectations (= 2.0.0.beta.22)

GIT
  remote: git://github.com/rspec/rspec-core.git
  revision: 6557d682a99e8992c06775b6f102dc4aa293257e
  specs:
    rspec-core (2.0.0.beta.22)

PATH
  remote: .
  specs:
    vcr (1.1.2)

GEM
  remote: http://rubygems.org/
  specs:
    addressable (2.2.1)
    archive-tar-minitar (0.5.2)
    aruba (0.2.1)
    builder (2.1.2)
    columnize (0.3.1)
    crack (0.1.8)
    cucumber (0.8.5)
      builder (~> 2.1.2)
      diff-lcs (~> 1.1.2)
      gherkin (~> 2.1.4)
      json_pure (~> 1.4.3)
      term-ansicolor (~> 1.0.4)
    diff-lcs (1.1.2)
    em-http-request (0.2.12)
      addressable (>= 2.0.0)
      eventmachine (>= 0.12.9)
    eventmachine (0.12.10)
    fakeweb (1.3.0)
    gherkin (2.1.5)
      trollop (~> 1.16.2)
    gherkin (2.1.5-java)
      trollop (~> 1.16.2)
    httpclient (2.1.5.2)
    json_pure (1.4.6)
    linecache (0.43)
    linecache19 (0.5.11)
      ruby_core_source (>= 0.1.4)
    patron (0.4.9)
    rack (1.1.0)
    rake (0.8.7)
    rcov (0.9.9)
    rspec (2.0.0.beta.22)
      rspec-core (= 2.0.0.beta.22)
      rspec-expectations (= 2.0.0.beta.22)
      rspec-mocks (= 2.0.0.beta.22)
    rspec-expectations (2.0.0.beta.22)
      diff-lcs (>= 1.1.2)
    ruby-debug (0.10.3)
      columnize (>= 0.1)
      ruby-debug-base (~> 0.10.3.0)
    ruby-debug-base (0.10.3)
      linecache (>= 0.3)
    ruby-debug-base19 (0.11.23)
      columnize (>= 0.3.1)
      linecache19 (>= 0.5.11)
      ruby_core_source (>= 0.1.4)
    ruby-debug19 (0.11.6)
      columnize (>= 0.3.1)
      linecache19 (>= 0.5.11)
      ruby-debug-base19 (>= 0.11.19)
    ruby_core_source (0.1.4)
      archive-tar-minitar (>= 0.5.2)
    term-ansicolor (1.0.5)
    timecop (0.3.5)
    trollop (1.16.2)
    webmock (1.3.5)
      addressable (>= 2.1.1)
      crack (>= 0.1.7)

PLATFORMS
  java
  ruby

DEPENDENCIES
  aruba (~> 0.2.1)
  bundler (~> 1.0.0)
  cucumber (~> 0.8.5)
  em-http-request (~> 0.2.7)
  fakeweb (~> 1.3.0)
  httpclient (~> 2.1.5.2)
  patron (~> 0.4.6)
  rack (= 1.1.0)
  rake (~> 0.8.7)
  rcov
  rspec (~> 2.0.0.beta.22)
  rspec-core!
  rspec-mocks!
  ruby-debug
  ruby-debug-base19 (= 0.11.23)
  ruby-debug19
  timecop (~> 0.3.5)
  vcr!
  webmock (~> 1.3.5)
