PATH
  remote: .
  specs:
    vcr (1.2.0)

GEM
  remote: http://rubygems.org/
  specs:
    addressable (2.2.2)
    archive-tar-minitar (0.5.2)
    aruba (0.2.1)
    builder (2.1.2)
    columnize (0.3.1)
    crack (0.1.8)
    cucumber (0.8.5)
      builder (~> 2.1.2)
      diff-lcs (~> 1.1.2)
      gherkin (~> 2.1.4)
      json_pure (~> 1.4.3)
      term-ansicolor (~> 1.0.4)
    curb (0.7.8)
    diff-lcs (1.1.2)
    em-http-request (0.2.12)
      addressable (>= 2.0.0)
      eventmachine (>= 0.12.9)
    eventmachine (0.12.10)
    fakeweb (1.3.0)
    gherkin (2.1.5)
      trollop (~> 1.16.2)
    gherkin (2.1.5-java)
      trollop (~> 1.16.2)
    httpclient (2.1.5.2)
    json_pure (1.4.6)
    linecache (0.43)
    linecache19 (0.5.11)
      ruby_core_source (>= 0.1.4)
    patron (0.4.9)
    rack (1.1.0)
    rake (0.8.7)
    rcov (0.9.9)
    rspec (2.0.0)
      rspec-core (= 2.0.0)
      rspec-expectations (= 2.0.0)
      rspec-mocks (= 2.0.0)
    rspec-core (2.0.0)
    rspec-expectations (2.0.0)
      diff-lcs (>= 1.1.2)
    rspec-mocks (2.0.0)
      rspec-core (= 2.0.0)
      rspec-expectations (= 2.0.0)
    ruby-debug (0.10.3)
      columnize (>= 0.1)
      ruby-debug-base (~> 0.10.3.0)
    ruby-debug-base (0.10.3)
      linecache (>= 0.3)
    ruby-debug-base19 (0.11.23)
      columnize (>= 0.3.1)
      linecache19 (>= 0.5.11)
      ruby_core_source (>= 0.1.4)
    ruby-debug19 (0.11.6)
      columnize (>= 0.3.1)
      linecache19 (>= 0.5.11)
      ruby-debug-base19 (>= 0.11.19)
    ruby_core_source (0.1.4)
      archive-tar-minitar (>= 0.5.2)
    term-ansicolor (1.0.5)
    timecop (0.3.5)
    trollop (1.16.2)
    webmock (1.4.0)
      addressable (>= 2.2.2)
      crack (>= 0.1.7)

PLATFORMS
  java
  ruby

DEPENDENCIES
  aruba (~> 0.2.1)
  bundler (~> 1.0.0)
  cucumber (~> 0.8.5)
  curb (~> 0.7.8)
  em-http-request (~> 0.2.7)
  fakeweb (~> 1.3.0)
  httpclient (~> 2.1.5.2)
  patron (~> 0.4.6)
  rack (= 1.1.0)
  rake (~> 0.8.7)
  rcov
  rspec (~> 2.0.0)
  ruby-debug
  ruby-debug-base19 (= 0.11.23)
  ruby-debug19
  timecop (~> 0.3.5)
  vcr!
  webmock (~> 1.4.0)
